GIT
  remote: git@github.com:halfbrick/google_places.git
  revision: 0080bb5bf8906f07bb3470d910d209014bac9a46
  specs:
    google_places (0.12.1)
      httparty

GEM
  remote: http://rubygems.org/
  specs:
    activemodel (3.2.13)
      activesupport (= 3.2.13)
      builder (~> 3.0.0)
    activesupport (3.2.13)
      i18n (= 0.6.1)
      multi_json (~> 1.0)
    awesome_print (1.1.0)
    bson (1.8.4)
    bson_ext (1.8.4)
      bson (~> 1.8.4)
    builder (3.0.4)
    diff-lcs (1.2.2)
    fast-stemmer (1.0.2)
    httparty (0.10.2)
      multi_json (~> 1.0)
      multi_xml (>= 0.5.2)
    i18n (0.6.1)
    mongoid (3.1.2)
      activemodel (~> 3.2)
      moped (~> 1.4.2)
      origin (~> 1.0)
      tzinfo (~> 0.3.22)
    mongoid_search (0.3.1)
      fast-stemmer (~> 1.0.0)
      mongoid (>= 3.0.0)
    moped (1.4.5)
    multi_json (1.7.2)
    multi_xml (0.5.3)
    origin (1.0.11)
    rack (1.5.2)
    rack-protection (1.5.0)
      rack
    rdiscount (2.0.7.1)
    rspec (2.13.0)
      rspec-core (~> 2.13.0)
      rspec-expectations (~> 2.13.0)
      rspec-mocks (~> 2.13.0)
    rspec-core (2.13.1)
    rspec-expectations (2.13.0)
      diff-lcs (>= 1.1.3, < 2.0)
    rspec-mocks (2.13.0)
    shotgun (0.9)
      rack (>= 1.0)
    sinatra (1.4.2)
      rack (~> 1.5, >= 1.5.2)
      rack-protection (~> 1.4)
      tilt (~> 1.3, >= 1.3.4)
    tilt (1.3.6)
    tzinfo (0.3.37)
    yard (0.8.5.2)

PLATFORMS
  ruby

DEPENDENCIES
  awesome_print
  bson_ext
  google_places!
  mongoid
  mongoid_search
  rdiscount
  rspec
  shotgun
  sinatra
  yard
